GEM
  remote: https://rubygems.org/
  specs:
    builder (3.2.3)
    childprocess (0.8.0)
      ffi (~> 1.0, >= 1.0.11)
    cucumber (2.4.0)
      builder (>= 2.1.2)
      cucumber-core (~> 1.5.0)
      cucumber-wire (~> 0.0.1)
      diff-lcs (>= 1.1.3)
      gherkin (~> 4.0)
      multi_json (>= 1.7.5, < 2.0)
      multi_test (>= 0.1.2)
    cucumber-core (1.5.0)
      gherkin (~> 4.0)
    cucumber-wire (0.0.1)
    cukeforker (0.2.5)
      cucumber (>= 1.1.5)
      vnctools (>= 0.0.5)
    diff-lcs (1.3)
    ffi (1.9.18)
    gherkin (4.1.3)
    httparty (0.15.6)
      multi_xml (>= 0.5.2)
    multi_json (1.12.2)
    multi_test (0.1.2)
    multi_xml (0.6.0)
    rake (10.4.0)
    rspec (3.7.0)
      rspec-core (~> 3.7.0)
      rspec-expectations (~> 3.7.0)
      rspec-mocks (~> 3.7.0)
    rspec-core (3.7.0)
      rspec-support (~> 3.7.0)
    rspec-expectations (3.7.0)
      diff-lcs (>= 1.2.0, < 2.0)
      rspec-support (~> 3.7.0)
    rspec-mocks (3.7.0)
      diff-lcs (>= 1.2.0, < 2.0)
      rspec-support (~> 3.7.0)
    rspec-support (3.7.0)
    vnctools (0.1.1)
      childprocess

PLATFORMS
  ruby

DEPENDENCIES
  cucumber (= 2.4.0)
  cukeforker (~> 0.2.5)
  httparty
  rake (= 10.4.0)
  rspec (>= 3.4)
  rspec-expectations

BUNDLED WITH
   1.15.4
